GEM
  remote: https://rubygems.org/
  specs:
    bcrypt (3.1.20)

PLATFORMS
  ruby
  x86_64-linux

DEPENDENCIES
  bcrypt

RUBY VERSION
   ruby 3.4.4p34

BUNDLED WITH
   2.6.9
